PATH
  remote: .
  specs:
    lesser-evil (0.0.1)

GEM
  remote: https://rubygems.org/
  specs:
    coderay (1.1.1)
    colorize (0.8.1)
    httparty (0.14.0)
      multi_xml (>= 0.5.2)
    method_source (0.8.2)
    multi_xml (0.5.5)
    paint (1.0.1)
    pry (0.10.4)
      coderay (~> 1.1.0)
      method_source (~> 0.8.1)
      slop (~> 3.4)
    rb-readline (0.5.3)
    require_all (1.3.3)
    slop (3.6.0)
    unicode-display_width (1.1.1)
    whirly (0.2.3)
      unicode-display_width (~> 1.1)

PLATFORMS
  ruby

DEPENDENCIES
  bundler
  colorize
  httparty
  lesser-evil!
  paint
  pry
  rb-readline
  require_all
  whirly

BUNDLED WITH
   1.12.5
